GIT
  remote: https://github.com/DrTom/textacular.git
  revision: 0b1101f02e8106a4b91a09d2ec3818561a28d930
  ref: 0b1101f
  specs:
    textacular (3.1.0)
      activerecord (>= 3.0, < 4.1)

GIT
  remote: https://github.com/DrTom/twister.git
  revision: 6aca875f3c8131b965a1285ec19f41e70891c9d0
  ref: 6aca875f3c8131b965a1285ec19f41e70891c9d0
  specs:
    twister (1.0.0.beta3)
      net-scp (>= 1.1.2)
      net-ssh (>= 2.6.0)
      slop (>= 3.4.0)

GEM
  remote: https://rubygems.org/
  remote: http://torquebox.org/rubygems/
  remote: http://torquebox.org/builds/1781/gem-repo/
  specs:
    actionmailer (4.0.1)
      actionpack (= 4.0.1)
      mail (~> 2.5.4)
    actionpack (4.0.1)
      activesupport (= 4.0.1)
      builder (~> 3.1.0)
      erubis (~> 2.7.0)
      rack (~> 1.5.2)
      rack-test (~> 0.6.2)
    activemodel (4.0.1)
      activesupport (= 4.0.1)
      builder (~> 3.1.0)
    activerecord (4.0.1)
      activemodel (= 4.0.1)
      activerecord-deprecated_finders (~> 1.0.2)
      activesupport (= 4.0.1)
      arel (~> 4.0.0)
    activerecord-deprecated_finders (1.0.3)
    activerecord-jdbc-adapter (1.3.3)
      activerecord (>= 2.2)
    activerecord-jdbcpostgresql-adapter (1.3.3)
      activerecord-jdbc-adapter (~> 1.3.3)
      jdbc-postgres (>= 9.1)
    activesupport (4.0.1)
      i18n (~> 0.6, >= 0.6.4)
      minitest (~> 4.2)
      multi_json (~> 1.3)
      thread_safe (~> 0.1)
      tzinfo (~> 0.3.37)
    arel (4.0.1)
    atomic (1.1.14)
    atomic (1.1.14-java)
    bcrypt-ruby (3.1.2)
    bcrypt-ruby (3.1.2-java)
    blankslate (2.1.2.4)
    bootstrap-sass (3.0.0.0)
      sass (~> 3.2)
    builder (3.1.4)
    capybara (2.2.0)
      mime-types (>= 1.16)
      nokogiri (>= 1.3.3)
      rack (>= 1.0.0)
      rack-test (>= 0.5.4)
      xpath (~> 2.0)
    childprocess (0.3.9)
      ffi (~> 1.0, >= 1.0.11)
    coderay (1.1.0)
    coffee-rails (4.0.1)
      coffee-script (>= 2.2.0)
      railties (>= 4.0.0, < 5.0)
    coffee-script (2.2.0)
      coffee-script-source
      execjs
    coffee-script-source (1.6.3)
    composite_primary_keys (6.0.1)
      activerecord (>= 4.0.0)
    diff-lcs (1.2.5)
    edn (1.0.0)
      parslet (~> 1.4.0)
    erubis (2.7.0)
    execjs (2.0.2)
    factory_girl (4.3.0)
      activesupport (>= 3.0.0)
    factory_girl_rails (4.3.0)
      factory_girl (~> 4.3.0)
      railties (>= 3.0.0)
    faker (1.2.0)
      i18n (~> 0.5)
    ffi (1.9.3)
    ffi (1.9.3-java)
    foreigner (1.6.0)
      activerecord (>= 3.0.0)
    haml (4.1.0.alpha.2)
      tilt
    haml-contrib (1.0.0.1)
      haml (>= 3.2.0.alpha.13)
    haml-rails (0.5.1)
      actionpack (~> 4.0.0)
      activesupport (~> 4.0.0)
      haml (>= 3.1, < 5.0)
      railties (~> 4.0.0)
    hike (1.2.3)
    i18n (0.6.5)
    jdbc-postgres (9.3.1100)
    jquery-rails (3.0.4)
      railties (>= 3.0, < 5.0)
      thor (>= 0.14, < 2.0)
    jquery-ui-rails (4.0.3)
      jquery-rails
      railties (>= 3.1.0)
    jquery-ui-sass-rails (4.0.3.0)
      jquery-rails
      jquery-ui-rails (= 4.0.3)
      railties (>= 3.1.0)
    json (1.8.1)
    json (1.8.1-java)
    kaminari (0.15.0)
      actionpack (>= 3.0.0)
      activesupport (>= 3.0.0)
    kramdown (1.2.0)
    mail (2.5.4)
      mime-types (~> 1.16)
      treetop (~> 1.4.8)
    method_source (0.8.2)
    mime-types (1.25.1)
    mini_portile (0.5.2)
    minitest (4.7.5)
    multi_json (1.8.2)
    net-scp (1.1.2)
      net-ssh (>= 2.6.5)
    net-ssh (2.7.0)
    newrelic_rpm (3.6.9.171)
    nokogiri (1.6.0)
      mini_portile (~> 0.5.0)
    nokogiri (1.6.0-java)
      mini_portile (~> 0.5.0)
    parslet (1.4.0)
      blankslate (~> 2.0)
    pg (0.17.0)
    polyglot (0.3.3)
    pry (0.9.12.4)
      coderay (~> 1.0)
      method_source (~> 0.8)
      slop (~> 3.4)
    pry (0.9.12.4-java)
      coderay (~> 1.0)
      method_source (~> 0.8)
      slop (~> 3.4)
      spoon (~> 0.0)
    psych (2.0.2)
    rack (1.5.2)
    rack-mini-profiler (0.1.31)
      rack (>= 1.1.3)
    rack-test (0.6.2)
      rack (>= 1.0)
    rails (4.0.1)
      actionmailer (= 4.0.1)
      actionpack (= 4.0.1)
      activerecord (= 4.0.1)
      activesupport (= 4.0.1)
      bundler (>= 1.3.0, < 2.0)
      railties (= 4.0.1)
      sprockets-rails (~> 2.0.0)
    railties (4.0.1)
      actionpack (= 4.0.1)
      activesupport (= 4.0.1)
      rake (>= 0.8.7)
      thor (>= 0.18.1, < 2.0)
    rake (10.1.1)
    rdoc (3.12.2)
      json (~> 1.4)
    rest-client (1.6.7)
      mime-types (>= 1.16)
    rspec-core (2.14.7)
    rspec-expectations (2.14.4)
      diff-lcs (>= 1.1.3, < 2.0)
    rspec-mocks (2.14.4)
    rspec-rails (2.14.0)
      actionpack (>= 3.0)
      activesupport (>= 3.0)
      railties (>= 3.0)
      rspec-core (~> 2.14.0)
      rspec-expectations (~> 2.14.0)
      rspec-mocks (~> 2.14.0)
    rubyzip (1.0.0)
    sass (3.2.12)
    sass-rails (4.0.1)
      railties (>= 4.0.0, < 5.0)
      sass (>= 3.1.10)
      sprockets-rails (~> 2.0.0)
    sdoc (0.3.20)
      json (>= 1.1.3)
      rdoc (~> 3.10)
    selenium-webdriver (2.37.0)
      childprocess (>= 0.2.5)
      multi_json (~> 1.0)
      rubyzip (~> 1.0.0)
      websocket (~> 1.0.4)
    slim (2.0.2)
      temple (~> 0.6.6)
      tilt (>= 1.3.3, < 2.1)
    slop (3.4.7)
    spoon (0.0.4)
      ffi
    sprockets (2.10.1)
      hike (~> 1.2)
      multi_json (~> 1.0)
      rack (~> 1.0)
      tilt (~> 1.1, != 1.3.0)
    sprockets-rails (2.0.1)
      actionpack (>= 3.0)
      activesupport (>= 3.0)
      sprockets (~> 2.8)
    temple (0.6.7)
    therubyrhino (2.0.2)
      therubyrhino_jar (>= 1.7.3)
    therubyrhino_jar (1.7.4)
    thor (0.18.1)
    thread_safe (0.1.3)
      atomic
    thread_safe (0.1.3-java)
      atomic
    tilt (1.4.1)
    torquebox (3.x.incremental.1781)
      thor (>= 0.14.6)
      torquebox-cache (= 3.x.incremental.1781)
      torquebox-configure (= 3.x.incremental.1781)
      torquebox-core (= 3.x.incremental.1781)
      torquebox-messaging (= 3.x.incremental.1781)
      torquebox-naming (= 3.x.incremental.1781)
      torquebox-rake-support (= 3.x.incremental.1781)
      torquebox-security (= 3.x.incremental.1781)
      torquebox-stomp (= 3.x.incremental.1781)
      torquebox-transactions (= 3.x.incremental.1781)
      torquebox-web (= 3.x.incremental.1781)
    torquebox-cache (3.x.incremental.1781-java)
      torquebox-core (= 3.x.incremental.1781)
      torquebox-transactions (= 3.x.incremental.1781)
    torquebox-configure (3.x.incremental.1781-java)
      blankslate (= 2.1.2.4)
    torquebox-core (3.x.incremental.1781-java)
      edn (= 1.0.0)
    torquebox-messaging (3.x.incremental.1781-java)
      torquebox-core (= 3.x.incremental.1781)
      torquebox-transactions (= 3.x.incremental.1781)
    torquebox-naming (3.x.incremental.1781-java)
      torquebox-core (= 3.x.incremental.1781)
    torquebox-rake-support (3.x.incremental.1781)
      rake (>= 0.8.7)
    torquebox-security (3.x.incremental.1781-java)
      torquebox-core (= 3.x.incremental.1781)
    torquebox-server (3.x.incremental.1781-java)
      torquebox (= 3.x.incremental.1781)
    torquebox-stomp (3.x.incremental.1781)
      torquebox-core (= 3.x.incremental.1781)
      torquebox-messaging (= 3.x.incremental.1781)
    torquebox-transactions (3.x.incremental.1781)
      torquebox-core (= 3.x.incremental.1781)
    torquebox-web (3.x.incremental.1781-java)
    treetop (1.4.15)
      polyglot
      polyglot (>= 0.3.1)
    tzinfo (0.3.38)
    uglifier (2.3.2)
      execjs (>= 0.3.0)
      json (>= 1.8.0)
    uuidtools (2.1.4)
    websocket (1.0.7)
    xpath (2.0.0)
      nokogiri (~> 1.3)

PLATFORMS
  java
  ruby

DEPENDENCIES
  activerecord-jdbc-adapter (~> 1.3.2)
  activerecord-jdbcpostgresql-adapter
  bcrypt-ruby
  bootstrap-sass (~> 3.0.0.0.rc2)
  capybara
  coffee-rails (~> 4.0.0)
  composite_primary_keys (~> 6.0)
  factory_girl
  factory_girl_rails
  faker
  foreigner
  haml-contrib
  haml-rails
  jquery-rails
  jquery-ui-rails
  jquery-ui-sass-rails
  kaminari
  kramdown
  newrelic_rpm
  pg
  pry
  psych
  rack-mini-profiler
  rails (= 4.0.1)
  rest-client
  rspec-rails
  sass-rails (~> 4.0.0)
  sdoc
  selenium-webdriver
  slim
  textacular!
  therubyrhino
  torquebox (= 3.x.incremental.1781)
  torquebox-messaging (= 3.x.incremental.1781)
  torquebox-rake-support (= 3.x.incremental.1781)
  torquebox-server (= 3.x.incremental.1781)
  twister!
  uglifier (>= 1.3.0)
  uuidtools
